PATH
  remote: .
  specs:
    unified-redis (0.0.2)
      eventmachine (~> 1.0.0.beta)

GEM
  remote: http://rubygems.org/
  specs:
    diff-lcs (1.1.3)
    em-redis (0.3.0)
      eventmachine
    eventmachine (1.0.0.beta.4)
    redis (2.2.2)
    rspec (2.7.0)
      rspec-core (~> 2.7.0)
      rspec-expectations (~> 2.7.0)
      rspec-mocks (~> 2.7.0)
    rspec-core (2.7.1)
    rspec-expectations (2.7.0)
      diff-lcs (~> 1.1.2)
    rspec-mocks (2.7.0)

PLATFORMS
  ruby

DEPENDENCIES
  bundler
  em-redis
  redis
  rspec
  unified-redis!
